GIT
  remote: git://github.com/artemeff/newrelic-hanami.git
  revision: 1cbf9d180d8200dfa05c5c43289e6d8e9d7f4d13
  specs:
    newrelic-hanami (0.4.2)
      hanami-controller (> 0.4.0, < 1.0.0)
      newrelic_rpm

GIT
  remote: git://github.com/davydovanton/rspec-hanami.git
  revision: 0c72cb215a958f56705038c97de0fc4331f1b494
  specs:
    rspec-hanami (0.2.0)
      hanami
      rspec

GIT
  remote: git://github.com/intridea/omniauth-github.git
  revision: 45f2fc73d6d06f30863adac0e6aa112bcaaadf67
  specs:
    omniauth-github (1.1.2)
      omniauth (~> 1.0)
      omniauth-oauth2 (>= 1.1.1, < 2.0)

GIT
  remote: git://github.com/samuelsimoes/hanami-webpack.git
  revision: 425af535e6dd5cf9d50d0cd9636394b86e17c560
  specs:
    hanami-webpack (0.0.1)
      hanami

GEM
  remote: https://rubygems.org/
  specs:
    addressable (2.4.0)
    ast (2.3.0)
    capybara (2.11.0)
      addressable
      mime-types (>= 1.16)
      nokogiri (>= 1.3.3)
      rack (>= 1.0.0)
      rack-test (>= 0.5.4)
      xpath (~> 2.0)
    claide (1.0.1)
    claide-plugins (0.9.2)
      cork
      nap
      open4 (~> 1.3)
    colored (1.2)
    concurrent-ruby (1.0.3)
    connection_pool (2.2.1)
    cork (0.2.0)
      colored (~> 1.2)
    crack (0.4.3)
      safe_yaml (~> 1.0.0)
    danger (4.0.2)
      claide (~> 1.0)
      claide-plugins (>= 0.9.2)
      colored (~> 1.2)
      cork (~> 0.1)
      faraday (~> 0.9)
      faraday-http-cache (~> 1.0)
      git (~> 1)
      kramdown (~> 1.5)
      octokit (~> 4.2)
      terminal-table (~> 1)
    danger-plugin-api (1.0.0)
      danger (> 2.0)
    danger-rubocop (0.3.0)
      danger
      rubocop
    danger-simplecov_json (0.2.1)
      danger-plugin-api (~> 1.0)
    diff-lcs (1.2.5)
    docile (1.1.5)
    dotenv (2.1.1)
    dry-configurable (0.5.0)
      concurrent-ruby (~> 1.0)
    dry-container (0.6.0)
      concurrent-ruby (~> 1.0)
      dry-configurable (~> 0.1, >= 0.1.3)
    dry-core (0.2.3)
      concurrent-ruby (~> 1.0)
    dry-equalizer (0.2.0)
    dry-logic (0.4.0)
      dry-container (~> 0.2, >= 0.2.6)
      dry-core (~> 0.1)
      dry-equalizer (~> 0.2)
    dry-matcher (0.6.0)
    dry-types (0.9.3)
      concurrent-ruby (~> 1.0)
      dry-configurable (~> 0.1)
      dry-container (~> 0.3)
      dry-core (~> 0.2, >= 0.2.1)
      dry-equalizer (~> 0.2)
      dry-logic (~> 0.4, >= 0.4.0)
      inflecto (~> 0.0.0, >= 0.0.2)
    dry-validation (0.10.4)
      concurrent-ruby (~> 1.0)
      dry-configurable (~> 0.1, >= 0.1.3)
      dry-container (~> 0.2, >= 0.2.8)
      dry-core (~> 0.2, >= 0.2.1)
      dry-equalizer (~> 0.2)
      dry-logic (~> 0.4, >= 0.4.0)
      dry-types (~> 0.9, >= 0.9.0)
    fabrication (2.16.0)
    faker (1.7.1)
      i18n (~> 0.5)
    faraday (0.9.2)
      multipart-post (>= 1.2, < 3)
    faraday-http-cache (1.3.1)
      faraday (~> 0.8)
    git (1.3.0)
    hanami (0.9.2)
      bundler (~> 1.13)
      concurrent-ruby (~> 1.0)
      hanami-assets (~> 0.4)
      hanami-controller (~> 0.8)
      hanami-helpers (~> 0.5)
      hanami-mailer (~> 0.4)
      hanami-router (~> 0.8, >= 0.8.1)
      hanami-utils (~> 0.9)
      hanami-validations (~> 0.7)
      hanami-view (~> 0.8)
      thor (~> 0.19)
    hanami-assets (0.4.0)
      hanami-helpers (~> 0.5)
      hanami-utils (~> 0.9)
      tilt (~> 2.0, >= 2.0.2)
    hanami-controller (0.8.1)
      hanami-utils (~> 0.9)
      rack (~> 1.6, >= 1.6.2)
    hanami-fabrication (0.1.0)
      fabrication (~> 2.16)
      hanami-utils (< 2.0)
    hanami-helpers (0.5.1)
      hanami-utils (~> 0.9)
    hanami-mailer (0.4.0)
      hanami-utils (~> 0.9)
      mail (~> 2.5)
      tilt (~> 2.0, >= 2.0.1)
    hanami-model (0.7.0)
      concurrent-ruby (~> 1.0)
      dry-types (~> 0.9)
      hanami-utils (~> 0.8)
      rom-repository (~> 0.3)
      rom-sql (~> 0.9)
    hanami-router (0.8.1)
      hanami-utils (~> 0.9, >= 0.9.1)
      http_router (~> 0.11)
      rack (~> 1.6)
    hanami-utils (0.9.2)
    hanami-validations (0.7.1)
      dry-validation (~> 0.10)
      hanami-utils (~> 0.9)
    hanami-view (0.8.0)
      hanami-utils (~> 0.9)
      tilt (~> 2.0, >= 2.0.1)
    hashdiff (0.3.1)
    hashie (3.4.6)
    hiredis (0.6.1)
    http_router (0.11.2)
      rack (>= 1.0.0)
      url_mount (~> 0.2.1)
    i18n (0.7.0)
    inflecto (0.0.2)
    json (2.0.2)
    jwt (1.5.6)
    kramdown (1.13.1)
    mail (2.6.4)
      mime-types (>= 1.16, < 4)
    memory_profiler (0.9.7)
    mime-types (3.1)
      mime-types-data (~> 3.2015)
    mime-types-data (3.2016.0521)
    mini_portile2 (2.1.0)
    mock_redis (0.17.1)
    multi_json (1.12.1)
    multi_xml (0.6.0)
    multipart-post (2.0.0)
    nap (1.1.0)
    newrelic_rpm (3.17.2.327)
    nokogiri (1.6.8.1)
      mini_portile2 (~> 2.1.0)
    oauth2 (1.2.0)
      faraday (>= 0.8, < 0.10)
      jwt (~> 1.0)
      multi_json (~> 1.3)
      multi_xml (~> 0.5)
      rack (>= 1.2, < 3)
    octokit (4.6.2)
      sawyer (~> 0.8.0, >= 0.5.3)
    omniauth (1.3.1)
      hashie (>= 1.2, < 4)
      rack (>= 1.0, < 3)
    omniauth-oauth2 (1.4.0)
      oauth2 (~> 1.0)
      omniauth (~> 1.2)
    open4 (1.3.4)
    parser (2.3.3.1)
      ast (~> 2.2)
    pg (0.19.0)
    powerpack (0.1.1)
    puma (3.6.2)
    rack (1.6.5)
    rack-mini-profiler (0.10.1)
      rack (>= 1.2.0)
    rack-protection (1.5.3)
      rack
    rack-test (0.6.3)
      rack (>= 1.0)
    rainbow (2.2.1)
    rake (12.0.0)
    redis (3.3.2)
    rom (2.0.2)
      concurrent-ruby (~> 1.0)
      dry-equalizer (~> 0.2)
      dry-types (~> 0.8)
      rom-mapper (~> 0.4.0)
      rom-support (~> 2.0)
    rom-mapper (0.4.0)
      dry-equalizer (~> 0.2)
      rom-support (~> 2.0.0)
      transproc (~> 0.4.0)
    rom-repository (0.3.1)
      rom (~> 2.0)
      rom-mapper (~> 0.4)
      rom-support (~> 2.0)
    rom-sql (0.9.1)
      dry-core (~> 0.2)
      dry-equalizer (~> 0.2)
      dry-types (~> 0.9)
      rom (~> 2.0)
      rom-support (~> 2.0)
      sequel (~> 4.25)
    rom-support (2.0.0)
      concurrent-ruby (~> 1.0)
      dry-equalizer (~> 0.2)
      transproc (~> 0.4.0)
      wisper (~> 1.6, >= 1.6.0)
    rouge (1.11.1)
    rspec (3.5.0)
      rspec-core (~> 3.5.0)
      rspec-expectations (~> 3.5.0)
      rspec-mocks (~> 3.5.0)
    rspec-core (3.5.4)
      rspec-support (~> 3.5.0)
    rspec-expectations (3.5.0)
      diff-lcs (>= 1.2.0, < 2.0)
      rspec-support (~> 3.5.0)
    rspec-mocks (3.5.0)
      diff-lcs (>= 1.2.0, < 2.0)
      rspec-support (~> 3.5.0)
    rspec-support (3.5.0)
    rubocop (0.46.0)
      parser (>= 2.3.1.1, < 3.0)
      powerpack (~> 0.1)
      rainbow (>= 1.99.1, < 3.0)
      ruby-progressbar (~> 1.7)
      unicode-display_width (~> 1.0, >= 1.0.1)
    ruby-progressbar (1.8.1)
    safe_yaml (1.0.4)
    sass (3.4.23)
    sawyer (0.8.1)
      addressable (>= 2.3.5, < 2.6)
      faraday (~> 0.8, < 1.0)
    sequel (4.42.0)
    shotgun (0.9.2)
      rack (>= 1.0)
    sidekiq (4.2.7)
      concurrent-ruby (~> 1.0)
      connection_pool (~> 2.2, >= 2.2.0)
      rack-protection (>= 1.5.0)
      redis (~> 3.2, >= 3.2.1)
    simplecov (0.12.0)
      docile (~> 1.1.0)
      json (>= 1.8, < 3)
      simplecov-html (~> 0.10.0)
    simplecov-html (0.10.0)
    simplecov-json (0.2)
      json
      simplecov
    slim (3.0.7)
      temple (~> 0.7.6)
      tilt (>= 1.3.3, < 2.1)
    temple (0.7.7)
    terminal-table (1.7.0)
      unicode-display_width (~> 1.1)
    thor (0.19.4)
    tilt (2.0.5)
    timecop (0.8.1)
    transproc (0.4.1)
    unicode-display_width (1.1.2)
    url_mount (0.2.1)
      rack
    vcr (3.0.3)
    webmock (2.3.1)
      addressable (>= 2.3.6)
      crack (>= 0.3.2)
      hashdiff
    wisper (1.6.1)
    xpath (2.0.0)
      nokogiri (~> 1.3)

PLATFORMS
  ruby

DEPENDENCIES
  bundler
  capybara
  connection_pool
  danger
  danger-rubocop
  danger-simplecov_json
  dotenv (~> 2.0)
  dry-matcher
  faker
  hanami (~> 0.9)
  hanami-fabrication
  hanami-model (~> 0.7)
  hanami-webpack!
  hiredis
  kramdown (= 1.13.1)
  memory_profiler
  mock_redis
  newrelic-hanami!
  omniauth
  omniauth-github!
  pg
  puma
  rack-mini-profiler
  rake
  redis (~> 3.2)
  rouge (= 1.11.1)
  rspec
  rspec-hanami!
  sass
  shotgun
  sidekiq
  simplecov
  simplecov-json
  slim
  timecop
  vcr
  webmock

RUBY VERSION
   ruby 2.3.0p0

BUNDLED WITH
   1.13.7
